PATH
  remote: .
  specs:
    guess_os (0.1.0)

GEM
  remote: https://rubygems.org/
  specs:

PLATFORMS
  x86_64-linux

DEPENDENCIES
  guess_os!

BUNDLED WITH
   2.3.11
